PATH
  remote: ../opal-browser
  specs:
    opal-browser (0.2.0)
      opal (>= 1.0, < 2.0)
      paggio

PATH
  remote: ../opal
  specs:
    opal (1.2.0)
      ast (>= 2.3.0)
      parser (~> 3.0)

PATH
  remote: ../rkelly-turbo
  specs:
    rkelly-turbo (0.1.1.20210526224136)

PATH
  remote: .
  specs:
    opal-optimizer (0.1.2)
      opal (>= 1.0.0)
      rkelly-turbo

GEM
  remote: https://rubygems.org/
  specs:
    ast (2.4.2)
    coderay (1.1.3)
    concurrent-ruby (1.1.9)
    diff-lcs (1.4.4)
    method_source (1.0.0)
    opal-sprockets (1.0.1)
      opal (>= 1.0, < 2.0)
      sprockets (~> 4.0)
      tilt (>= 1.4)
    paggio (0.2.6)
    parser (3.0.2.0)
      ast (~> 2.4.1)
    pry (0.14.1)
      coderay (~> 1.1)
      method_source (~> 1.0)
    rack (2.2.3)
    rake (12.3.3)
    rspec (3.10.0)
      rspec-core (~> 3.10.0)
      rspec-expectations (~> 3.10.0)
      rspec-mocks (~> 3.10.0)
    rspec-core (3.10.1)
      rspec-support (~> 3.10.0)
    rspec-expectations (3.10.1)
      diff-lcs (>= 1.2.0, < 2.0)
      rspec-support (~> 3.10.0)
    rspec-mocks (3.10.2)
      diff-lcs (>= 1.2.0, < 2.0)
      rspec-support (~> 3.10.0)
    rspec-support (3.10.2)
    ruby-prof (1.4.3)
    sprockets (4.0.2)
      concurrent-ruby (~> 1.0)
      rack (> 1, < 3)
    tilt (2.0.10)

PLATFORMS
  ruby

DEPENDENCIES
  opal!
  opal-browser!
  opal-optimizer!
  opal-sprockets
  pry
  rake (~> 12.0)
  rkelly-turbo!
  rspec (~> 3.0)
  ruby-prof

BUNDLED WITH
   2.1.4
